GEM
  remote: http://rubygems.org/
  specs:
    ansi (1.4.2)
    minitest (2.11.3)
    rack (1.4.1)
    rack-protection (1.2.0)
      rack
    rack-test (0.6.1)
      rack (>= 1.0)
    rake (0.9.2.2)
    sinatra (1.3.2)
      rack (~> 1.3, >= 1.3.6)
      rack-protection (~> 1.2)
      tilt (~> 1.3, >= 1.3.3)
    tilt (1.3.3)
    turn (0.9.4)
      ansi

PLATFORMS
  ruby

DEPENDENCIES
  minitest
  rack-test
  rake
  sinatra
  turn
